STRATEGY: MIN
RESTRICTION: >= net40
NUGET
  remote: https://www.nuget.org/api/v2
    FSharp.Core (4.7.2) - redirects: force

GROUP Build
RESTRICTION: >= net40
NUGET
  remote: https://www.nuget.org/api/v2
    FAKE (5.16)
    FSharp.Formatting (11.4.3)
    Octokit (0.50)
    SourceLink.Fake (1.1)
GITHUB
  remote: fsharp/FAKE
    modules/Octokit/Octokit.fsx (13eee5a7b990fa310813f9760094aa3cfebeb33f)
      Octokit (>= 0.20)
GROUP Test
RESTRICTION: >= net40
NUGET
  remote: https://www.nuget.org/api/v2
    EntityFramework (6.1.3)
    Microsoft.NET.Test.Sdk (16.10.0)
	  NUnit (3.13.2)
	  NUnit3TestAdapter (4.0.0)
	  coverlet.collector (3.0.3)
